GEM
  remote: https://rubygems.org/
  specs:
    coderay (1.1.2)
    dotenv (2.5.0)
    little-plugger (1.1.4)
    logging (2.2.2)
      little-plugger (~> 1.1)
      multi_json (~> 1.10)
    matrix_sdk (2.0.1)
      logging (~> 2)
    method_source (0.9.0)
    multi_json (1.14.1)
    pg (1.1.3)
    pry (0.11.3)
      coderay (~> 1.1.0)
      method_source (~> 0.9.0)
    ruby-progressbar (1.10.1)

PLATFORMS
  ruby

DEPENDENCIES
  dotenv
  matrix_sdk (~> 2)
  pg
  pry
  ruby-progressbar

RUBY VERSION
   ruby 2.5.7p206

BUNDLED WITH
   2.1.4
