GEM
  remote: https://rubygems.org/
  specs:
    coderay (1.1.2)
    dotenv (2.5.0)
    little-plugger (1.1.4)
    logging (2.2.2)
      little-plugger (~> 1.1)
      multi_json (~> 1.10)
    matrix_sdk (0.0.3)
      logging (~> 2)
    method_source (0.9.0)
    multi_json (1.13.1)
    pg (1.1.3)
    pry (0.11.3)
      coderay (~> 1.1.0)
      method_source (~> 0.9.0)

PLATFORMS
  ruby

DEPENDENCIES
  dotenv
  matrix_sdk (~> 0.0.3)
  pg
  pry

BUNDLED WITH
   1.16.4
